PATH
  remote: .
  specs:
    grater (0.1.5)
      sass (>= 3.2.0)

GEM
  remote: https://rubygems.org/
  specs:
    ffi (1.12.2)
    rake (13.0.1)
    rb-fsevent (0.10.3)
    rb-inotify (0.10.1)
      ffi (~> 1.0)
    sass (3.7.4)
      sass-listen (~> 4.0.0)
    sass-listen (4.0.0)
      rb-fsevent (~> 0.9, >= 0.9.4)
      rb-inotify (~> 0.9, >= 0.9.7)

PLATFORMS
  ruby

DEPENDENCIES
  grater!
  rake

BUNDLED WITH
   2.1.4
